GEM
  specs:
    micro-optparse (1.2.0)
    mini_portile (0.6.2)
    nokogiri (1.6.6.2)
      mini_portile (~> 0.6.0)
    progressbar (0.21.0)

PLATFORMS
  ruby

DEPENDENCIES
  micro-optparse
  nokogiri
  progressbar
